GEM
  remote: https://rubygems.org/
  specs:
    activesupport (6.0.3.4)
      concurrent-ruby (~> 1.0, >= 1.0.2)
      i18n (>= 0.7, < 2)
      minitest (~> 5.1)
      tzinfo (~> 1.1)
      zeitwerk (~> 2.2, >= 2.2.2) 
    addressable (2.7.0)
      public_suffix (>= 2.0.2, < 5.0)
    concurrent-ruby (1.1.7)
    cool.io (1.7.0)
    dig_rb (1.0.1)
    digest-crc (0.6.1)
       rake (~> 13.0) 
    domain_name (0.5.20190701)
      unf (>= 0.0.5, < 1.0.0)
    elasticsearch (7.9.0)
      elasticsearch-api (= 7.9.0)
      elasticsearch-transport (= 7.9.0)
    elasticsearch-api (7.9.0)
      multi_json
    elasticsearch-transport (7.9.0)
      faraday (~> 1 )
      multi_json
    excon (0.76.0)
    faraday (1.0.1)
      multipart-post (>= 1.2, < 3)
    ffi (1.13.1)
    fluent-plugin-elasticsearch (4.2.1)
      elasticsearch
      excon
      fluentd (>= 0.14.22)
    fluentd (1.11.3)
      cool.io (>= 1.4.5, < 2.0.0)
      msgpack (>= 1.3.1, < 2.0.0 )
      tzinfo (>= 1.0, < 3.0 )
      tzinfo-data (~> 1.0)
      http_parser.rb (>= 0.5.1, < 0.7.0)
      serverengine (>= 2.0.4, < 3.0.0)
      sigdump (~> 0.2.2)
      strptime (>= 0.2.2, < 1.0.0)
      yajl-ruby (~> 1.0)
    google-protobuf (3.13.0)
    http (4.4.1)
      addressable (~> 2.3)
      http-cookie (~> 1.0)
      http-form_data (~>  2.2 )
      http_parser (~> 1.2.0)
    http-cookie (1.0.3)
      domain_name (~> 0.5)
    http-form_data (2.3.0)
    http_parser (1.2.1)
    httpclient (2.8.3)
    i18n (1.8.5)
      concurrent-ruby (~> 1.0)
    jmespath (1.4.0)
    kubeclient (4.9.1)
      http (>= 3.0, < 5.0 )
      jsonpath (~> 1.0)
      recursive-open-struct ( ~> 1.1, >= 1.1.1 )
      rest-client (~> 2.0 )
    logfmt (0.0.9)
    lru_redux (1.1.0)
    ltsv (0.1.2)
    mime-types (3.3.1)
      mime-types-data (~> 3.2015)
    mime-types-data (3.2020.0512)
    minitest (5.14.2)
    msgpack (1.3.3)
    multi_json (1.15.0)
    multipart-post (2.1.1)
    netrc (0.11.0)
    oj (3.10.14)
    prometheus-client (2.1.0)
    proxifier (1.0.3)
    public_suffix (4.0.6)
    quantile (0.2.1)
    recursive-open-struct (1.1.2)
    remote_syslog_sender (1.2.1)
      syslog_protocol
    resolve-hostname (0.1.0)
    rest-client (2.1.0)
      http-accept (>= 1.7.0, < 2.0)
      http-cookie (>= 1.0.2, < 2.0)
      mime-types (>= 1.16, < 4.0)
      netrc (~> 0.8)
    ruby-kafka (1.2.0)
      digest-crc
    serverengine (2.2.1)
      sigdump (~> 0.2.2)
    sigdump (0.2.4)
    json (2.3.1)
    strptime (0.2.5)
    syslog_protocol (0.9.2)
    systemd-journal (1.4.2)
      ffi (~> 1.9)
    thread_safe (0.3.6)
    tzinfo (2.0.2)
      concurrent-ruby (~> 1.0)
    tzinfo-data (1.2020.2)
      tzinfo (>= 1.0.0)
    unf (0.1.4)
      unf_ext
    unf_ext (0.0.7.7)
    yajl-ruby (1.4.1)

PLATFORMS
  ruby

DEPENDENCIES
  cool.io
  fluent-plugin-elasticsearch
  fluentd
  oj
  rake
  json

BUNDLED WITH
   2.1.4
